GEM
  remote: https://rubygems.org/
  specs:
    iodine (0.4.14)
      rack (>= 1.0, < 3.0)
    plezi (0.15.0)
      bundler (~> 1.14)
      iodine (~> 0.4)
      rack (>= 2.0.0)
    rack (2.0.3)

PLATFORMS
  ruby

DEPENDENCIES
  plezi (~> 0.15.0)

RUBY VERSION
   ruby 2.4.1p111

BUNDLED WITH
   1.16.0
